PATH
  remote: .
  specs:
    fifa_top_100 (0.1.0)

GEM
  remote: https://rubygems.org/
  specs:
    coderay (1.1.3)
    colorize (0.8.1)
    method_source (1.0.0)
    mini_portile2 (2.5.0)
    nokogiri (1.11.1)
      mini_portile2 (~> 2.5.0)
      racc (~> 1.4)
    pry (0.13.1)
      coderay (~> 1.1)
      method_source (~> 1.0)
    racc (1.5.2)
    rake (13.0.3)

PLATFORMS
  ruby

DEPENDENCIES
  bundler (~> 1.17)
  colorize
  fifa_top_100!
  nokogiri
  pry
  rake (~> 13.0)

BUNDLED WITH
   1.17.3
